GEM
  remote: https://rubygems.org/
  specs:
    byebug (2.6.0)
      columnize (~> 0.3)
      debugger-linecache (~> 1.2)
    capybara (2.4.4)
      mime-types (>= 1.16)
      nokogiri (>= 1.3.3)
      rack (>= 1.0.0)
      rack-test (>= 0.5.4)
      xpath (~> 2.0)
    childprocess (0.5.5)
      ffi (~> 1.0, >= 1.0.11)
    cliver (0.3.2)
    coderay (1.1.0)
    columnize (0.8.9)
    debugger-linecache (1.2.0)
    faraday (0.9.0)
      multipart-post (>= 1.2, < 3)
    ffi (1.12.2)
    method_source (0.8.2)
    mime-types (2.4.3)
    mini_portile2 (2.4.0)
    multi_json (1.10.1)
    multipart-post (1.2.0)
    nokogiri (1.10.9)
      mini_portile2 (~> 2.4.0)
    poltergeist (1.5.1)
      capybara (~> 2.1)
      cliver (~> 0.3.1)
      multi_json (~> 1.0)
      websocket-driver (>= 0.2.0)
    pry (0.9.12.6)
      coderay (~> 1.0)
      method_source (~> 0.8)
      slop (~> 3.4)
    pry-byebug (1.3.1)
      byebug (~> 2.6)
      pry (~> 0.9.12)
    rack (3.0.7)
    rack-test (0.6.3)
      rack (>= 1.0)
    redis (2.2.2)
    rubyzip (1.3.0)
    selenium-webdriver (2.44.0)
      childprocess (~> 0.5)
      multi_json (~> 1.0)
      rubyzip (~> 1.0)
      websocket (~> 1.0)
    slop (3.5.0)
    websocket (1.2.1)
    websocket-driver (0.3.5)
    xpath (2.0.0)
      nokogiri (~> 1.3)

PLATFORMS
  ruby

DEPENDENCIES
  capybara
  faraday
  poltergeist
  pry-byebug
  redis
  selenium-webdriver

RUBY VERSION
   ruby 2.6.5p114

BUNDLED WITH
   1.17.2
